PATH
  remote: .
  specs:
    annealing (0.1.0)
      rutie (~> 0.0.3)

GEM
  remote: https://rubygems.org/
  specs:
    minitest (5.14.1)
    rake (12.3.3)
    rutie (0.0.4)

PLATFORMS
  ruby

DEPENDENCIES
  annealing!
  minitest (~> 5.0)
  rake (~> 12.0)

BUNDLED WITH
   2.1.4
